GEM
  remote: https://rubygems.org/
  specs:
    colorize (0.8.1)

PLATFORMS
  ruby

DEPENDENCIES
  colorize (~> 0.8.1s)

BUNDLED WITH
   2.0.1
